PATH
  remote: .
  specs:
    simple-server (0.1)
      addressable
      path
      puma
      sinatra

GEM
  remote: https://rubygems.org/
  specs:
    addressable (2.3.8)
    path (1.3.3)
    puma (2.11.2)
      rack (>= 1.1, < 2.0)
    rack (1.6.1)
    rack-protection (1.5.3)
      rack
    rake (10.4.2)
    sinatra (1.4.6)
      rack (~> 1.4)
      rack-protection (~> 1.4)
      tilt (>= 1.3, < 3)
    tilt (2.0.1)

PLATFORMS
  ruby

DEPENDENCIES
  bundler
  rake
  simple-server!
