GIT
  remote: https://github.com/jslabovitz/simple-server.git
  revision: cd095f5f7c9b8188056d711f34aab588fca89abf
  specs:
    simple-server (0.1)
      addressable
      path
      puma
      sinatra

GEM
  remote: https://rubygems.org/
  specs:
    addressable (2.3.8)
    path (1.3.3)
    puma (2.11.1)
      rack (>= 1.1, < 2.0)
    rack (1.6.0)
    rack-protection (1.5.3)
      rack
    sinatra (1.4.6)
      rack (~> 1.4)
      rack-protection (~> 1.4)
      tilt (>= 1.3, < 3)
    tilt (2.0.1)

PLATFORMS
  ruby

DEPENDENCIES
  simple-server!
